GEM
  remote: https://rubygems.org/
  specs:
    blankslate (2.1.2.4)
    parslet (1.5.0)
      blankslate (~> 2.0)
    thor (0.18.1)
    vim-flavor (1.1.2)
      parslet (~> 1.0)
      thor (~> 0.14)

PLATFORMS
  ruby

DEPENDENCIES
  vim-flavor (~> 1.1)
